GEM
  specs:
    rack (1.2.1)

PLATFORMS
  ruby

DEPENDENCIES
  rack
